PATH
  remote: .
  specs:
    nanakshahi (0.2.0)
      i18n (~> 1.8, >= 1.8.1)

GEM
  remote: https://rubygems.org/
  specs:
    concurrent-ruby (1.1.9)
    i18n (1.8.10)
      concurrent-ruby (~> 1.0)
    minitest (5.14.4)
    rake (13.0.6)

PLATFORMS
  ruby

DEPENDENCIES
  bundler (~> 2.1)
  minitest (~> 5.14)
  nanakshahi!
  rake (~> 13.0)

BUNDLED WITH
   2.2.22
